GIT
  remote: https://github.com/project-douglas/c3d.git
  revision: 93282793dc666c630b94882d8af9b5c62db3cf0a
  specs:
    c3d (0.5.6)
      bencode (~> 0.8)
      celluloid (~> 0.15)
      commander (~> 4.1)
      httparty (~> 0.13)
      timers (~> 1.1)

GEM
  remote: https://rubygems.org/
  specs:
    bencode (0.8.1)
    celluloid (0.15.2)
      timers (~> 1.1.0)
    commander (4.1.6)
      highline (~> 1.6.11)
    diff-lcs (1.2.5)
    dotenv (0.11.1)
      dotenv-deployment (~> 0.0.2)
    dotenv-deployment (0.0.2)
    epm (0.3.14)
      commander (~> 4.1.6)
    foreman (0.74.0)
      dotenv (~> 0.11.1)
      thor (~> 0.19.1)
    haml (4.0.5)
      tilt
    highline (1.6.21)
    hike (1.2.3)
    httparty (0.13.1)
      json (~> 1.8)
      multi_xml (>= 0.5.2)
    json (1.8.1)
    kramdown (1.4.0)
    multi_json (1.10.1)
    multi_xml (0.5.5)
    rack (1.5.2)
    rack-protection (1.5.3)
      rack
    rspec (3.0.0)
      rspec-core (~> 3.0.0)
      rspec-expectations (~> 3.0.0)
      rspec-mocks (~> 3.0.0)
    rspec-core (3.0.2)
      rspec-support (~> 3.0.0)
    rspec-expectations (3.0.2)
      diff-lcs (>= 1.2.0, < 2.0)
      rspec-support (~> 3.0.0)
    rspec-mocks (3.0.2)
      rspec-support (~> 3.0.0)
    rspec-support (3.0.2)
    sinatra (1.4.5)
      rack (~> 1.4)
      rack-protection (~> 1.4)
      tilt (~> 1.3, >= 1.3.4)
    sprockets (2.12.1)
      hike (~> 1.2)
      multi_json (~> 1.0)
      rack (~> 1.0)
      tilt (~> 1.1, != 1.3.0)
    thor (0.19.1)
    tilt (1.4.1)
    timers (1.1.0)

PLATFORMS
  ruby

DEPENDENCIES
  c3d!
  epm
  foreman
  haml
  kramdown
  rspec
  sinatra
  sprockets
